GEM
  remote: http://rubygems.org/
  specs:
    actionmailer (3.1.1)
      actionpack (= 3.1.1)
      mail (~> 2.3.0)
    actionpack (3.1.1)
      activemodel (= 3.1.1)
      activesupport (= 3.1.1)
      builder (~> 3.0.0)
      erubis (~> 2.7.0)
      i18n (~> 0.6)
      rack (~> 1.3.2)
      rack-cache (~> 1.1)
      rack-mount (~> 0.8.2)
      rack-test (~> 0.6.1)
      sprockets (~> 2.0.2)
    activemodel (3.1.1)
      activesupport (= 3.1.1)
      builder (~> 3.0.0)
      i18n (~> 0.6)
    activerecord (3.1.1)
      activemodel (= 3.1.1)
      activesupport (= 3.1.1)
      arel (~> 2.2.1)
      tzinfo (~> 0.3.29)
    activeresource (3.1.1)
      activemodel (= 3.1.1)
      activesupport (= 3.1.1)
    activesupport (3.1.1)
      multi_json (~> 1.0)
    ansi (1.3.0)
    arel (2.2.1)
    builder (3.0.0)
    chunky_png (1.2.5)
    cocaine (0.2.0)
    coffee-rails (3.1.1)
      coffee-script (>= 2.2.0)
      railties (~> 3.1.0)
    coffee-script (2.2.0)
      coffee-script-source
      execjs
    coffee-script-source (1.1.2)
    compass (0.12.alpha.0)
      chunky_png (~> 1.2)
      fssm (>= 0.2.7)
      sass (~> 3.1)
    dynamic_form (1.1.4)
    erubis (2.7.0)
    execjs (1.2.9)
      multi_json (~> 1.0)
    factory_girl (2.2.0)
      activesupport
    factory_girl_rails (1.3.0)
      factory_girl (~> 2.2.0)
      railties (>= 3.0.0)
    faker (1.0.1)
      i18n (~> 0.4)
    fattr (2.2.0)
    ffi (1.0.9)
    fssm (0.2.7)
    guard (0.6.1)
      thor (~> 0.14.6)
    guard-bundler (0.1.3)
      bundler (>= 1.0.0)
      guard (>= 0.2.2)
    guard-test (0.3.1)
      guard (>= 0.4.0)
      test-unit (~> 2.3.1)
    haml (3.1.3)
    haml-rails (0.3.4)
      actionpack (~> 3.0)
      activesupport (~> 3.0)
      haml (~> 3.0)
      railties (~> 3.0)
    highline (1.6.2)
    hike (1.2.1)
    i18n (0.6.0)
    jquery-rails (1.0.16)
      railties (~> 3.0)
      thor (~> 0.14)
    json (1.6.1)
    kgio (2.6.0)
    mail (2.3.0)
      i18n (>= 0.4.0)
      mime-types (~> 1.16)
      treetop (~> 1.4.8)
    metaclass (0.0.1)
    mime-types (1.17.2)
    minitest (2.7.0)
    mocha (0.10.0)
      metaclass (~> 0.0.1)
    multi_json (1.0.3)
    options (2.3.0)
      fattr
    paperclip (2.4.5)
      activerecord (>= 2.3.0)
      activesupport (>= 2.3.2)
      cocaine (>= 0.0.2)
      mime-types
    pg (0.11.0)
    polyglot (0.3.3)
    progress_bar (0.4.0)
      highline (~> 1.6.1)
      options (~> 2.3.0)
    rack (1.3.5)
    rack-cache (1.1)
      rack (>= 0.4)
    rack-contrib (1.1.0)
      rack (>= 0.9.1)
    rack-mount (0.8.3)
      rack (>= 1.0.0)
    rack-ssl (1.3.2)
      rack
    rack-test (0.6.1)
      rack (>= 1.0)
    rails (3.1.1)
      actionmailer (= 3.1.1)
      actionpack (= 3.1.1)
      activerecord (= 3.1.1)
      activeresource (= 3.1.1)
      activesupport (= 3.1.1)
      bundler (~> 1.0)
      railties (= 3.1.1)
    rails3-generators (0.17.4)
      railties (>= 3.0.0)
    rails_autolink (1.0.4)
      rails (>= 3.1.0)
    railties (3.1.1)
      actionpack (= 3.1.1)
      activesupport (= 3.1.1)
      rack-ssl (~> 1.3.2)
      rake (>= 0.8.7)
      rdoc (~> 3.4)
      thor (~> 0.14.6)
    raindrops (0.7.0)
    rake (0.9.2.2)
    rb-fchange (0.0.5)
      ffi
    rb-fsevent (0.4.3.1)
    rdiscount (1.6.8)
    rdoc (3.11)
      json (~> 1.4)
    recaptcha (0.3.1)
    sass (3.1.10)
    sass-rails (3.1.4)
      actionpack (~> 3.1.0)
      railties (~> 3.1.0)
      sass (>= 3.1.4)
      sprockets (~> 2.0.0)
      tilt (~> 1.3.2)
    shoulda (3.0.0.beta2)
      shoulda-context (~> 1.0.0.beta1)
      shoulda-matchers (~> 1.0.0.beta1)
    shoulda-context (1.0.0.beta1)
    shoulda-matchers (1.0.0.beta3)
    sprockets (2.0.3)
      hike (~> 1.2)
      rack (~> 1.0)
      tilt (~> 1.1, != 1.3.0)
    test-unit (2.3.2)
    thor (0.14.6)
    tilt (1.3.3)
    treetop (1.4.10)
      polyglot
      polyglot (>= 0.3.1)
    turn (0.8.3)
      ansi
    tzinfo (0.3.30)
    uglifier (1.0.4)
      execjs (>= 0.3.0)
      multi_json (>= 1.0.2)
    unicorn (4.0.1)
      kgio (~> 2.4)
      rack
      raindrops (~> 0.6)

PLATFORMS
  ruby

DEPENDENCIES
  coffee-rails (~> 3.1.1)
  compass (~> 0.12.alpha)
  dynamic_form (~> 1.1.4)
  factory_girl (~> 2.2.0)
  factory_girl_rails (~> 1.3.0)
  faker (~> 1.0.1)
  guard (~> 0.6.1)
  guard-bundler (~> 0.1.3)
  guard-test (~> 0.3.0)
  haml (~> 3.1.3)
  haml-rails (= 0.3.4)
  jquery-rails
  minitest (~> 2.7.0)
  mocha (~> 0.10.0)
  paperclip (~> 2.4.5)
  pg (~> 0.11.0)
  progress_bar (~> 0.4.0)
  rack-cache (~> 1.1)
  rack-contrib (~> 1.1.0)
  rails (= 3.1.1)
  rails3-generators (= 0.17.4)
  rails_autolink (~> 1.0.4)
  rb-fchange (~> 0.0.5)
  rb-fsevent (~> 0.4.3.1)
  rdiscount (~> 1.6.8)
  rdoc
  recaptcha (~> 0.3.1)
  sass-rails (~> 3.1.4)
  shoulda (= 3.0.0.beta2)
  shoulda-matchers (= 1.0.0.beta3)
  turn (~> 0.8.3)
  uglifier (>= 1.0.3)
  unicorn (~> 4.0.0)
