GEM
  remote: http://rubygems.org/
  specs:
    BlueCloth (1.0.1)
    actionmailer (2.3.14)
      actionpack (= 2.3.14)
    actionpack (2.3.14)
      activesupport (= 2.3.14)
      rack (~> 1.1.0)
    activerecord (2.3.14)
      activesupport (= 2.3.14)
    activeresource (2.3.14)
      activesupport (= 2.3.14)
    activesupport (2.3.14)
    ansi (1.3.0)
    cocaine (0.2.0)
    factory_girl (2.2.0)
      activesupport
    haml (3.1.3)
    mime-types (1.17.2)
    minitest (2.7.0)
    paperclip (2.4.5)
      activerecord (>= 2.3.0)
      activesupport (>= 2.3.2)
      cocaine (>= 0.0.2)
      mime-types
    pg (0.11.0)
    rack (1.1.2)
    rails (2.3.14)
      actionmailer (= 2.3.14)
      actionpack (= 2.3.14)
      activerecord (= 2.3.14)
      activeresource (= 2.3.14)
      activesupport (= 2.3.14)
      rake (>= 0.8.3)
    rake (0.9.2.2)
    ruby-recaptcha (1.0.3)
    shoulda (2.11.3)
    turn (0.8.3)
      ansi

PLATFORMS
  ruby

DEPENDENCIES
  BlueCloth
  factory_girl
  haml
  minitest
  paperclip
  pg (= 0.11.0)
  rails (= 2.3.14)
  ruby-recaptcha
  shoulda
  turn
